GEM
  remote: https://rubygems.org/
  specs:
    date (3.4.1)
    debug (1.0.0)
      irb
      reline (>= 0.2.7)
    io-console (0.8.0)
    irb (1.14.1)
      rdoc (>= 4.0.0)
      reline (>= 0.4.2)
    psych (5.2.1)
      date
      stringio
    rdoc (6.8.1)
      psych (>= 4.0.0)
    reline (0.5.12)
      io-console (~> 0.5)
    stringio (3.1.2)

PLATFORMS
  arm64-darwin-23
  ruby

DEPENDENCIES
  debug (~> 1.0.0)

BUNDLED WITH
   2.5.22
